GIT
  remote: git://github.com/lsegal/yard
  revision: 5e0a7067e11e5006e5b08d2583c9953fe18b656c
  specs:
    yard (0.8.6.2)

GEM
  remote: https://rubygems.org/
  specs:
    RedCloth (4.2.9)
    activesupport (4.0.0)
      i18n (~> 0.6, >= 0.6.4)
      minitest (~> 4.2)
      multi_json (~> 1.3)
      thread_safe (~> 0.1)
      tzinfo (~> 0.3.37)
    airbrake (3.1.12)
      activesupport
      builder
      json
    asciidoctor (0.1.3)
    atomic (1.1.10)
    bluecloth (2.2.0)
    builder (3.2.2)
    diff-lcs (1.2.4)
    github-markup (0.7.5)
    i18n (0.6.4)
    json (1.8.0)
    kgio (2.8.0)
    kramdown (1.1.0)
    maruku (0.6.1)
      syntax (>= 1.0.0)
    minitest (4.7.5)
    multi_json (1.7.7)
    rack (1.5.2)
    rack-protection (1.5.0)
      rack
    raindrops (0.11.0)
    rake (10.1.0)
    rdiscount (2.1.6)
    rdoc (3.9.4)
    redcarpet (2.1.1)
    rspec (2.14.1)
      rspec-core (~> 2.14.0)
      rspec-expectations (~> 2.14.0)
      rspec-mocks (~> 2.14.0)
    rspec-core (2.14.4)
    rspec-expectations (2.14.0)
      diff-lcs (>= 1.1.3, < 2.0)
    rspec-mocks (2.14.1)
    sequel (4.0.0)
    sinatra (1.4.3)
      rack (~> 1.4)
      rack-protection (~> 1.4)
      tilt (~> 1.3, >= 1.3.4)
    sqlite3 (1.3.7)
    syntax (1.0.0)
    thread_safe (0.1.2)
      atomic
    tilt (1.4.1)
    tzinfo (0.3.37)
    unicorn (4.6.3)
      kgio (~> 2.6)
      rack
      raindrops (~> 0.7)
    yard-chef (1.0.0)
      redcarpet (~> 2.1.1)
      yard (~> 0.7)
    yard-kramdown (0.0.1)
    yard-rails (0.3.0)
      yard
    yard-sd (0.0.4)

PLATFORMS
  ruby

DEPENDENCIES
  RedCloth
  activesupport
  airbrake
  asciidoctor
  bluecloth
  github-markup
  i18n
  json
  kramdown
  maruku
  rake
  rdiscount
  rdoc (= 3.9.4)
  redcarpet
  rspec
  sequel
  sinatra (>= 1.3)
  sqlite3
  syntax
  unicorn
  yard!
  yard-chef
  yard-kramdown
  yard-rails
  yard-sd
